GEM
  remote: https://rubygems.org/
  specs:
    chunky_png (1.3.11)
    rake (12.3.2)
    rqrcode (0.10.1)
      chunky_png (~> 1.0)
    rqrcode_png (0.1.5)
      chunky_png
      rqrcode

PLATFORMS
  ruby

DEPENDENCIES
  chunky_png
  rake
  rqrcode
  rqrcode_png

BUNDLED WITH
   2.0.1
